GIT
  remote: git://github.com/peatio/unread.git
  revision: b8fa0502e9558c93388a104bcbe20376cf43027d
  specs:
    unread (0.4.0)
      activerecord (>= 3)

GEM
  remote: https://rubygems.org/
  specs:
    aasm (3.4.0)
    actionmailer (4.0.13)
      actionpack (= 4.0.13)
      mail (~> 2.5, >= 2.5.4)
    actionpack (4.0.13)
      activesupport (= 4.0.13)
      builder (~> 3.1.0)
      erubis (~> 2.7.0)
      rack (~> 1.5.2)
      rack-test (~> 0.6.2)
    active_hash (1.3.0)
      activesupport (>= 2.2.2)
    activemodel (4.0.13)
      activesupport (= 4.0.13)
      builder (~> 3.1.0)
    activerecord (4.0.13)
      activemodel (= 4.0.13)
      activerecord-deprecated_finders (~> 1.0.2)
      activesupport (= 4.0.13)
      arel (~> 4.0.0)
    activerecord-deprecated_finders (1.0.4)
    activesupport (4.0.13)
      i18n (~> 0.6, >= 0.6.9)
      minitest (~> 4.2)
      multi_json (~> 1.3)
      thread_safe (~> 0.1)
      tzinfo (~> 0.3.37)
    acts-as-taggable-on (3.0.1)
      rails (>= 3, < 5)
    addressable (2.5.2)
      public_suffix (>= 2.0.2, < 4.0)
    amq-protocol (1.9.2)
    amqp (1.3.0)
      amq-protocol (>= 1.9.2)
      eventmachine
    angularjs-rails (1.3.15)
    arel (4.0.2)
    atomic (1.1.99)
    awesome_print (1.2.0)
    axiom-types (0.1.0)
      descendants_tracker (~> 0.0.3)
      ice_nine (~> 0.11.0)
      thread_safe (~> 0.1.3)
    bcrypt-ruby (3.1.2)
    better_errors (2.4.0)
      coderay (>= 1.0.0)
      erubi (>= 1.0.0)
      rack (>= 0.9.0)
    binding_of_caller (0.7.3)
      debug_inspector (>= 0.0.1)
    bootstrap-sass (3.2.0.2)
      sass (~> 3.2)
    bootstrap-wysihtml5-rails (0.3.1.23)
      railties (>= 3.0)
    bourbon (3.2.3)
      sass (~> 3.2)
      thor
    browser (0.8.0)
    builder (3.1.4)
    bunny (1.2.1)
      amq-protocol (>= 1.9.2)
    byebug (9.1.0)
    callsite (0.0.11)
    cancancan (1.7.1)
    capybara (2.15.4)
      addressable
      mini_mime (>= 0.1.3)
      nokogiri (>= 1.3.3)
      rack (>= 1.0.0)
      rack-test (>= 0.5.4)
      xpath (~> 2.0)
    carrierwave (0.10.0)
      activemodel (>= 3.2.0)
      activesupport (>= 3.2.0)
      json (>= 1.7)
      mime-types (>= 1.16)
    childprocess (0.8.0)
      ffi (~> 1.0, >= 1.0.11)
    chronic (0.10.2)
    cliver (0.3.2)
    coderay (1.1.2)
    coercible (1.0.0)
      descendants_tracker (~> 0.0.1)
    coffee-rails (4.0.1)
      coffee-script (>= 2.2.0)
      railties (>= 4.0.0, < 5.0)
    coffee-script (2.2.0)
      coffee-script-source
      execjs
    coffee-script-source (1.7.0)
    concurrent-ruby (1.0.5)
    countries (0.9.3)
      currencies (~> 0.4.2)
    country_select (2.1.0)
      countries (~> 0.9, >= 0.9.3)
    currencies (0.4.2)
    daemons (1.1.9)
    daemons-rails (1.2.1)
      daemons
      multi_json (~> 1.0)
    database_cleaner (1.6.2)
    datagrid (1.0.5)
      rails (>= 3.0)
    debug_inspector (0.0.3)
    descendants_tracker (0.0.3)
    diff-lcs (1.3)
    doorkeeper (1.4.1)
      railties (>= 3.1)
    dotenv (2.2.1)
    dotenv-rails (2.2.1)
      dotenv (= 2.2.1)
      railties (>= 3.2, < 5.2)
    easy_table (0.0.6)
      actionpack (~> 4.0)
      activemodel (~> 4.0)
      rubytree (~> 0.8.3)
    eco (1.0.0)
      coffee-script
      eco-source
      execjs
    eco-source (1.1.0.rc.1)
    em-websocket (0.5.1)
      eventmachine (>= 0.12.9)
      http_parser.rb (~> 0.6.0)
    enumerize (0.8.0)
      activesupport (>= 3.2)
    equalizer (0.0.9)
    erubi (1.7.0)
    erubis (2.7.0)
    eventmachine (1.0.4)
    execjs (2.2.1)
    factory_bot (4.8.2)
      activesupport (>= 3.0.0)
    factory_bot_rails (4.8.2)
      factory_bot (~> 4.8.2)
      railties (>= 3.0.0)
    faker (1.4.3)
      i18n (~> 0.5)
    ffi (1.9.18)
    figaro (0.7.0)
      bundler (~> 1.0)
      rails (>= 3, < 5)
    font-awesome-sass (4.2.0)
      sass (~> 3.2)
    globalize (4.0.0)
      activemodel (>= 4.0.0, < 5)
      activerecord (>= 4.0.0, < 5)
    gon (5.2.0)
      actionpack (>= 2.3.0)
      json
      multi_json
      request_store (>= 1.0.5)
    grape (0.7.0)
      activesupport
      builder
      hashie (>= 1.2.0)
      multi_json (>= 1.3.2)
      multi_xml (>= 0.5.2)
      rack (>= 1.3.0)
      rack-accept
      rack-mount
      virtus (>= 1.0.0)
    grape-entity (0.4.2)
      activesupport
      multi_json (>= 1.3.2)
    grape-swagger (0.7.2)
      grape (>= 0.2.0)
      grape-entity (>= 0.3.0)
      kramdown (>= 1.3.1)
    hashie (3.3.2)
    hike (1.2.3)
    http_accept_language (2.0.1)
    http_parser.rb (0.6.0)
    httpclient (2.8.3)
    i18n (0.9.1)
      concurrent-ruby (~> 1.0)
    ice_nine (0.11.0)
    jbuilder (2.0.2)
      activesupport (>= 3.0.0)
      multi_json (>= 1.2.0)
    jquery-datatables-rails (3.4.0)
      actionpack (>= 3.1)
      jquery-rails
      railties (>= 3.1)
      sass-rails
    jquery-rails (3.1.4)
      railties (>= 3.0, < 5.0)
      thor (>= 0.14, < 2.0)
    json (1.8.6)
    jwt (1.2.0)
    kaminari (0.15.1)
      actionpack (>= 3.0.0)
      activesupport (>= 3.0.0)
    kramdown (1.3.3)
    launchy (2.4.3)
      addressable (~> 2.3)
    liability-proof (0.0.9)
      awesome_print
    mail (2.7.0)
      mini_mime (>= 0.1.1)
    mails_viewer (0.1.2)
      jquery-datatables-rails
      jquery-rails (>= 2.0.1)
      rails (>= 3.1.0)
    meta_request (0.4.3)
      callsite (~> 0.0, >= 0.0.11)
      rack-contrib (>= 1.1, < 3)
      railties (>= 3.0.0, < 5.2.0)
    metaclass (0.0.4)
    method_source (0.9.0)
    mime-types (1.25.1)
    mini_mime (1.0.0)
    mini_portile2 (2.3.0)
    minitest (4.7.5)
    mocha (1.3.0)
      metaclass (~> 0.0.1)
    momentjs-rails (2.5.1)
      railties (>= 3.1)
    multi_json (1.12.2)
    multi_xml (0.5.5)
    mysql2 (0.3.21)
    nokogiri (1.8.1)
      mini_portile2 (~> 2.3.0)
    omniauth (1.2.2)
      hashie (>= 1.2, < 4)
      rack (~> 1.0)
    omniauth-identity (1.1.1)
      bcrypt-ruby (~> 3.0)
      omniauth (~> 1.0)
    paper_trail (3.0.1)
      activerecord (>= 3.0, < 5.0)
      activesupport (>= 3.0, < 5.0)
    paranoid2 (1.1.3)
      activerecord (>= 4.0.0.rc1)
    phonelib (0.3.5)
    poltergeist (1.16.0)
      capybara (~> 2.1)
      cliver (~> 0.3.1)
      websocket-driver (>= 0.2.0)
    power_assert (1.1.1)
    pry (0.11.2)
      coderay (~> 1.1.0)
      method_source (~> 0.9.0)
    pry-rails (0.3.6)
      pry (>= 0.10.4)
    public_suffix (3.0.1)
    pusher (1.3.1)
      httpclient (~> 2.7)
      multi_json (~> 1.0)
      pusher-signature (~> 0.1.8)
    pusher-signature (0.1.8)
    quiet_assets (1.1.0)
      railties (>= 3.1, < 5.0)
    rack (1.5.5)
    rack-accept (0.4.5)
      rack (>= 0.4)
    rack-attack (3.0.0)
      rack
    rack-contrib (1.8.0)
      rack (~> 1.4)
    rack-mount (0.8.3)
      rack (>= 1.0.0)
    rack-test (0.6.3)
      rack (>= 1.0)
    rails (4.0.13)
      actionmailer (= 4.0.13)
      actionpack (= 4.0.13)
      activerecord (= 4.0.13)
      activesupport (= 4.0.13)
      bundler (>= 1.3.0, < 2.0)
      railties (= 4.0.13)
      sprockets-rails (~> 2.0)
    rails-i18n (4.0.1)
      i18n (~> 0.6)
      rails (~> 4.0)
    rails-observers (0.1.2)
      activemodel (~> 4.0)
    railties (4.0.13)
      actionpack (= 4.0.13)
      activesupport (= 4.0.13)
      rake (>= 0.8.7)
      thor (>= 0.18.1, < 2.0)
    rake (12.2.1)
    rbtree (0.4.2)
    rdoc (4.1.1)
      json (~> 1.4)
    redis (3.0.7)
    redis-actionpack (4.0.0)
      actionpack (~> 4)
      redis-rack (~> 1.5.0)
      redis-store (~> 1.1.0)
    redis-activesupport (4.0.0)
      activesupport (~> 4)
      redis-store (~> 1.1.0)
    redis-rack (1.5.0)
      rack (~> 1.5)
      redis-store (~> 1.1.0)
    redis-rails (4.0.0)
      redis-actionpack (~> 4)
      redis-activesupport (~> 4)
      redis-store (~> 1.1.0)
    redis-store (1.1.4)
      redis (>= 2.2)
    request_store (1.1.0)
    rest-client (1.6.8)
      mime-types (~> 1.16)
      rdoc (>= 2.4.2)
    rotp (1.6.1)
    rspec-core (3.7.0)
      rspec-support (~> 3.7.0)
    rspec-expectations (3.7.0)
      diff-lcs (>= 1.2.0, < 2.0)
      rspec-support (~> 3.7.0)
    rspec-mocks (3.7.0)
      diff-lcs (>= 1.2.0, < 2.0)
      rspec-support (~> 3.7.0)
    rspec-rails (3.7.1)
      actionpack (>= 3.0)
      activesupport (>= 3.0)
      railties (>= 3.0)
      rspec-core (~> 3.7.0)
      rspec-expectations (~> 3.7.0)
      rspec-mocks (~> 3.7.0)
      rspec-support (~> 3.7.0)
    rspec-support (3.7.0)
    rubytree (0.8.3)
      json (>= 1.7.5)
      structured_warnings (>= 0.1.3)
    rubyzip (1.2.1)
    sass (3.2.19)
    sass-rails (4.0.3)
      railties (>= 4.0.0, < 5.0)
      sass (~> 3.2.0)
      sprockets (~> 2.8, <= 2.11.0)
      sprockets-rails (~> 2.0)
    selenium-webdriver (3.7.0)
      childprocess (~> 0.5)
      rubyzip (~> 1.0)
    shoulda-matchers (3.1.2)
      activesupport (>= 4.0.0)
    simple_captcha2 (0.2.2)
      rails (>= 3.1, < 4.1)
    simple_form (3.1.0)
      actionpack (~> 4.0)
      activemodel (~> 4.0)
    slim (2.0.2)
      temple (~> 0.6.6)
      tilt (>= 1.3.3, < 2.1)
    slim-rails (2.1.0)
      actionpack (>= 3.0, < 4.1)
      activesupport (>= 3.0, < 4.1)
      railties (>= 3.0, < 4.1)
      slim (~> 2.0)
    sprockets (2.11.0)
      hike (~> 1.2)
      multi_json (~> 1.0)
      rack (~> 1.0)
      tilt (~> 1.1, != 1.3.0)
    sprockets-rails (2.3.3)
      actionpack (>= 3.0)
      activesupport (>= 3.0)
      sprockets (>= 2.8, < 4.0)
    structured_warnings (0.1.4)
    temple (0.6.7)
    test-unit (3.2.6)
      power_assert
    thor (0.20.0)
    thread_safe (0.1.3)
      atomic
    tilt (1.4.1)
    timecop (0.9.1)
    twilio-ruby (3.11.5)
      builder (>= 2.1.2)
      jwt (>= 0.1.2)
      multi_json (>= 1.3.0)
    tzinfo (0.3.53)
    uglifier (2.4.0)
      execjs (>= 0.3.0)
      json (>= 1.8.0)
    virtus (1.0.2)
      axiom-types (~> 0.1)
      coercible (~> 1.0)
      descendants_tracker (~> 0.0.3)
      equalizer (~> 0.0.9)
    websocket-driver (0.7.0)
      websocket-extensions (>= 0.1.0)
    websocket-extensions (0.1.3)
    whenever (0.9.2)
      activesupport (>= 2.3.4)
      chronic (>= 0.6.3)
    xpath (2.1.0)
      nokogiri (~> 1.3)

PLATFORMS
  ruby

DEPENDENCIES
  aasm (~> 3.4.0)
  active_hash
  acts-as-taggable-on
  amqp (~> 1.3.0)
  angularjs-rails
  bcrypt-ruby (~> 3.1.2)
  better_errors
  binding_of_caller
  bootstrap-sass (~> 3.2.0.2)
  bootstrap-wysihtml5-rails
  bourbon
  browser (~> 0.8.0)
  bunny (~> 1.2.1)
  byebug
  cancancan
  capybara
  carrierwave (~> 0.10.0)
  coffee-rails
  country_select (~> 2.1.0)
  daemons-rails
  database_cleaner
  datagrid
  doorkeeper (~> 1.4.1)
  dotenv-rails
  easy_table
  eco
  em-websocket (~> 0.5.1)
  enumerize
  eventmachine (~> 1.0.4)
  factory_bot_rails
  faker (~> 1.4.3)
  figaro
  font-awesome-sass
  globalize (~> 4.0.0)
  gon (~> 5.2.0)
  grape (~> 0.7.0)
  grape-entity (~> 0.4.2)
  grape-swagger (~> 0.7.2)
  hashie
  http_accept_language
  jbuilder
  jquery-rails
  json (~> 1.8.3)
  kaminari
  launchy
  liability-proof (= 0.0.9)
  mails_viewer
  meta_request
  mocha
  momentjs-rails
  mysql2 (~> 0.3.21)
  omniauth (~> 1.2.1)
  omniauth-identity (~> 1.1.1)
  paper_trail (~> 3.0.1)
  paranoid2
  phonelib (~> 0.3.5)
  poltergeist
  pry-rails
  pusher
  quiet_assets
  rack-attack (~> 3.0.0)
  rails (~> 4.0.12)
  rails-i18n
  rails-observers
  rbtree
  redis-rails
  rest-client (~> 1.6.8)
  rotp
  rspec-rails
  sass-rails
  selenium-webdriver
  shoulda-matchers
  simple_captcha2
  simple_form (~> 3.1.0)
  slim-rails
  test-unit
  timecop
  twilio-ruby (~> 3.11)
  uglifier
  unread!
  whenever (~> 0.9.2)

BUNDLED WITH
   1.16.0
